PATH
  remote: .
  specs:
    queueing_proxy (0.0.4)
      em-jack
      eventmachine
      http_parser.rb
      thin

GEM
  remote: http://rubygems.org/
  specs:
    daemons (1.1.4)
    em-jack (0.1.3)
      eventmachine
    eventmachine (0.12.10)
    http_parser.rb (0.5.2)
    rack (1.3.2)
    thin (1.2.11)
      daemons (>= 1.0.9)
      eventmachine (>= 0.12.6)
      rack (>= 1.0.0)

PLATFORMS
  ruby

DEPENDENCIES
  queueing_proxy!
